GIT
  remote: foobara
  revision: f97443e06569b022bae15c2b8c1b0c136fc3edf0
  branch: main
  specs:
    foobara (0.0.1)

GIT
  remote: https://github.com/foobara/command-generator.git
  revision: f9e2bb66b03c590981a9eafa0b9f96f993eed10a
  specs:
    foobara-command-generator (0.0.1)

GIT
  remote: https://github.com/foobara/domain-generator.git
  revision: 0af58418a0e6b189debbcc82c9a984862ae1d30a
  specs:
    foobara-domain-generator (0.0.1)

GIT
  remote: https://github.com/foobara/empty-ruby-project-generator.git
  revision: ed07b95cd847584a18636dfe4fe3bbed40b074c4
  specs:
    foobara-empty-ruby-project-generator (0.1.0)

GIT
  remote: https://github.com/foobara/files-generator.git
  revision: a19a353c050fd802a53f1781c7c4d108a41a1544
  specs:
    foobara-files-generator (0.1.0)

GIT
  remote: https://github.com/foobara/organization-generator.git
  revision: 75b03383087382b89b1bdc9856b3c91a5ae392f9
  specs:
    foobara-organization-generator (0.0.1)

GIT
  remote: https://github.com/foobara/rack-connector-generator.git
  revision: c2fa3b0ca1c8cb39f019f618a35712e8e3b528bc
  specs:
    foobara-rack-connector-generator (0.0.1)

GIT
  remote: https://github.com/foobara/redis-crud-driver-generator.git
  revision: 896a5d57994a315316ec1e798238251612ebd065
  specs:
    foobara-redis-crud-driver-generator (0.0.1)

GIT
  remote: https://github.com/foobara/resque-connector-generator.git
  revision: 55fb6addd6215d6cd125efc2af94a9c543ad0253
  specs:
    foobara-resque-connector-generator (0.0.1)

GIT
  remote: https://github.com/foobara/resque-scheduler-connector-generator.git
  revision: ed3a832e57b51d234ef994a1447c586c6bc61dbb
  specs:
    foobara-resque-scheduler-connector-generator (0.0.1)

GIT
  remote: https://github.com/foobara/rubocop-rules.git
  revision: e9d8f5c45ea37810f369d1c2f46e3e386d5abb2c
  specs:
    foobara-rubocop-rules (0.0.1)
      rubocop
      rubocop-rspec

GIT
  remote: https://github.com/foobara/sh-cli-connector-generator.git
  revision: b91a5fdad2061893d6cb56e35a4d3bd338990ec0
  specs:
    foobara-sh-cli-connector-generator (0.0.1)

GIT
  remote: https://github.com/foobara/sh-cli-connector.git
  revision: 78ff61ace804add30060043b663f48e5fc39fa3f
  specs:
    foobara-sh-cli-connector (0.1.0)

GIT
  remote: https://github.com/foobara/spec-helpers.git
  revision: e4ecc7b01a73b08dc12bd7422162a6afb0abec89
  specs:
    foobara-spec-helpers (0.1.0)

GIT
  remote: https://github.com/foobara/type-generator.git
  revision: 9d5eae43f73a13a39d765bffee3c6b7535a58c40
  specs:
    foobara-type-generator (0.0.1)

GIT
  remote: https://github.com/foobara/util.git
  revision: b2e2e9c04d866b26c21b6e223bc359c76fcea0f8
  specs:
    foobara-util (0.1.0)

PATH
  remote: .
  specs:
    foobara-foob (0.0.1)

GEM
  remote: https://rubygems.org/
  specs:
    ast (2.4.2)
    byebug (11.1.3)
    coderay (1.1.3)
    diff-lcs (1.5.1)
    docile (1.4.0)
    ffi (1.16.3)
    formatador (1.1.0)
    guard (2.18.1)
      formatador (>= 0.2.4)
      listen (>= 2.7, < 4.0)
      lumberjack (>= 1.0.12, < 2.0)
      nenv (~> 0.1)
      notiffany (~> 0.0)
      pry (>= 0.13.0)
      shellany (~> 0.0)
      thor (>= 0.18.1)
    guard-compat (1.2.1)
    guard-rspec (4.7.3)
      guard (~> 2.1)
      guard-compat (~> 1.1)
      rspec (>= 2.99.0, < 4.0)
    json (2.7.1)
    language_server-protocol (3.17.0.3)
    listen (3.9.0)
      rb-fsevent (~> 0.10, >= 0.10.3)
      rb-inotify (~> 0.9, >= 0.9.10)
    lumberjack (1.2.10)
    method_source (1.0.0)
    nenv (0.3.0)
    notiffany (0.1.3)
      nenv (~> 0.1)
      shellany (~> 0.0)
    parallel (1.24.0)
    parser (3.3.0.5)
      ast (~> 2.4.1)
      racc
    pry (0.14.2)
      coderay (~> 1.1)
      method_source (~> 1.0)
    pry-byebug (3.10.1)
      byebug (~> 11.0)
      pry (>= 0.13, < 0.15)
    racc (1.7.3)
    rainbow (3.1.1)
    rake (13.1.0)
    rb-fsevent (0.11.2)
    rb-inotify (0.10.1)
      ffi (~> 1.0)
    regexp_parser (2.9.0)
    rexml (3.2.6)
    rspec (3.13.0)
      rspec-core (~> 3.13.0)
      rspec-expectations (~> 3.13.0)
      rspec-mocks (~> 3.13.0)
    rspec-core (3.13.0)
      rspec-support (~> 3.13.0)
    rspec-expectations (3.13.0)
      diff-lcs (>= 1.2.0, < 2.0)
      rspec-support (~> 3.13.0)
    rspec-its (1.3.0)
      rspec-core (>= 3.0.0)
      rspec-expectations (>= 3.0.0)
    rspec-mocks (3.13.0)
      diff-lcs (>= 1.2.0, < 2.0)
      rspec-support (~> 3.13.0)
    rspec-support (3.13.1)
    rubocop (1.62.0)
      json (~> 2.3)
      language_server-protocol (>= 3.17.0)
      parallel (~> 1.10)
      parser (>= 3.3.0.2)
      rainbow (>= 2.2.2, < 4.0)
      regexp_parser (>= 1.8, < 3.0)
      rexml (>= 3.2.5, < 4.0)
      rubocop-ast (>= 1.31.1, < 2.0)
      ruby-progressbar (~> 1.7)
      unicode-display_width (>= 2.4.0, < 3.0)
    rubocop-ast (1.31.2)
      parser (>= 3.3.0.4)
    rubocop-capybara (2.20.0)
      rubocop (~> 1.41)
    rubocop-factory_bot (2.25.1)
      rubocop (~> 1.41)
    rubocop-rake (0.6.0)
      rubocop (~> 1.0)
    rubocop-rspec (2.27.1)
      rubocop (~> 1.40)
      rubocop-capybara (~> 2.17)
      rubocop-factory_bot (~> 2.22)
    ruby-progressbar (1.13.0)
    shellany (0.0.1)
    simplecov (0.22.0)
      docile (~> 1.1)
      simplecov-html (~> 0.11)
      simplecov_json_formatter (~> 0.1)
    simplecov-html (0.12.3)
    simplecov_json_formatter (0.1.4)
    thor (1.3.0)
    unicode-display_width (2.5.0)

PLATFORMS
  x86_64-linux

DEPENDENCIES
  foobara!
  foobara-command-generator!
  foobara-domain-generator!
  foobara-empty-ruby-project-generator!
  foobara-files-generator!
  foobara-foob!
  foobara-organization-generator!
  foobara-rack-connector-generator!
  foobara-redis-crud-driver-generator!
  foobara-resque-connector-generator!
  foobara-resque-scheduler-connector-generator!
  foobara-rubocop-rules!
  foobara-sh-cli-connector!
  foobara-sh-cli-connector-generator!
  foobara-spec-helpers!
  foobara-type-generator!
  foobara-util!
  guard-rspec
  pry
  pry-byebug
  rake
  rspec
  rspec-its
  rubocop-rake
  rubocop-rspec
  simplecov

RUBY VERSION
   ruby 3.2.2p53

BUNDLED WITH
   2.4.14
