GIT
  remote: foobara
  revision: 3848e3889ff83241f838efcd8e2fd2d02efc8e42
  branch: main
  specs:
    foobara (0.0.1)

GIT
  remote: https://github.com/foobara/autocrud-generator.git
  revision: 48da9b1951076f578d5b6aa729537d997f31a25d
  specs:
    foobara-autocrud-generator (0.0.1)

GIT
  remote: https://github.com/foobara/command-generator.git
  revision: 393714abc3a3f9f29b4e90180da5b21b161fddd5
  specs:
    foobara-command-generator (0.0.1)

GIT
  remote: https://github.com/foobara/domain-generator.git
  revision: 3b6ae15870d616d09663af9d82f8a6c12f8af8b4
  specs:
    foobara-domain-generator (0.0.1)

GIT
  remote: https://github.com/foobara/empty-ruby-project-generator.git
  revision: 564c9ea66c4a130264215e1de606c8dd5d3a9c67
  specs:
    foobara-empty-ruby-project-generator (0.1.0)

GIT
  remote: https://github.com/foobara/empty-typescript-react-project-generator.git
  revision: f472e1a407696bd99b5ec6ebd5cbf18955c059a0
  specs:
    foobara-empty-typescript-react-project-generator (0.0.1)

GIT
  remote: https://github.com/foobara/files-generator.git
  revision: 9c9c49a095adde08985cef2e8a5ff8037ad1ead9
  specs:
    foobara-files-generator (0.1.0)

GIT
  remote: https://github.com/foobara/organization-generator.git
  revision: 1014db59d39074f0d6499fbcb12e67288ee7b4d3
  specs:
    foobara-organization-generator (0.0.1)

GIT
  remote: https://github.com/foobara/rack-connector-generator.git
  revision: fa39cb574257dd3adfbfc20b064d33c8af876d55
  specs:
    foobara-rack-connector-generator (0.0.1)

GIT
  remote: https://github.com/foobara/redis-crud-driver-generator.git
  revision: d12a1ca163a6048285717c831d355b3fb0d518bc
  specs:
    foobara-redis-crud-driver-generator (0.0.1)

GIT
  remote: https://github.com/foobara/resque-connector-generator.git
  revision: 322df3b1cd7517ca849dc7a5aad1ce638fbdf95a
  specs:
    foobara-resque-connector-generator (0.0.1)

GIT
  remote: https://github.com/foobara/resque-scheduler-connector-generator.git
  revision: 13012f0efc454ce3ca31d2d1d5ad5f76b989d057
  specs:
    foobara-resque-scheduler-connector-generator (0.0.1)

GIT
  remote: https://github.com/foobara/rubocop-rules.git
  revision: e9d8f5c45ea37810f369d1c2f46e3e386d5abb2c
  specs:
    foobara-rubocop-rules (0.0.1)
      rubocop
      rubocop-rspec

GIT
  remote: https://github.com/foobara/sh-cli-connector-generator.git
  revision: d2871e3246b643ac54ff9b3a13c1941e2c21b4f9
  specs:
    foobara-sh-cli-connector-generator (0.0.1)

GIT
  remote: https://github.com/foobara/sh-cli-connector.git
  revision: 78ff61ace804add30060043b663f48e5fc39fa3f
  specs:
    foobara-sh-cli-connector (0.1.0)

GIT
  remote: https://github.com/foobara/spec-helpers.git
  revision: e4ecc7b01a73b08dc12bd7422162a6afb0abec89
  specs:
    foobara-spec-helpers (0.1.0)

GIT
  remote: https://github.com/foobara/type-generator.git
  revision: e9418cbd59b7f42b070f742dcdc3a0fa5b01c6c2
  specs:
    foobara-type-generator (0.0.1)

GIT
  remote: https://github.com/foobara/typescript-react-command-form-generator.git
  revision: 99714d813b8ed0b5b756408fde90bbff1fa947ac
  specs:
    foobara-typescript-react-command-form-generator (0.0.1)

GIT
  remote: https://github.com/foobara/typescript-remote-command-generator.git
  revision: e50c4cd84368103c7e5d62fce210f3489ffb30c7
  specs:
    foobara-typescript-remote-command-generator (0.0.1)

GIT
  remote: https://github.com/foobara/util.git
  revision: b2e2e9c04d866b26c21b6e223bc359c76fcea0f8
  specs:
    foobara-util (0.1.0)

PATH
  remote: .
  specs:
    foobara-foob (0.0.1)

GEM
  remote: https://rubygems.org/
  specs:
    ast (2.4.2)
    byebug (11.1.3)
    coderay (1.1.3)
    diff-lcs (1.5.1)
    docile (1.4.0)
    ffi (1.16.3)
    formatador (1.1.0)
    guard (2.18.1)
      formatador (>= 0.2.4)
      listen (>= 2.7, < 4.0)
      lumberjack (>= 1.0.12, < 2.0)
      nenv (~> 0.1)
      notiffany (~> 0.0)
      pry (>= 0.13.0)
      shellany (~> 0.0)
      thor (>= 0.18.1)
    guard-compat (1.2.1)
    guard-rspec (4.7.3)
      guard (~> 2.1)
      guard-compat (~> 1.1)
      rspec (>= 2.99.0, < 4.0)
    json (2.7.1)
    language_server-protocol (3.17.0.3)
    listen (3.9.0)
      rb-fsevent (~> 0.10, >= 0.10.3)
      rb-inotify (~> 0.9, >= 0.9.10)
    lumberjack (1.2.10)
    method_source (1.0.0)
    nenv (0.3.0)
    notiffany (0.1.3)
      nenv (~> 0.1)
      shellany (~> 0.0)
    parallel (1.24.0)
    parser (3.3.0.5)
      ast (~> 2.4.1)
      racc
    pry (0.14.2)
      coderay (~> 1.1)
      method_source (~> 1.0)
    pry-byebug (3.10.1)
      byebug (~> 11.0)
      pry (>= 0.13, < 0.15)
    racc (1.7.3)
    rainbow (3.1.1)
    rake (13.1.0)
    rb-fsevent (0.11.2)
    rb-inotify (0.10.1)
      ffi (~> 1.0)
    regexp_parser (2.9.0)
    rexml (3.2.6)
    rspec (3.13.0)
      rspec-core (~> 3.13.0)
      rspec-expectations (~> 3.13.0)
      rspec-mocks (~> 3.13.0)
    rspec-core (3.13.0)
      rspec-support (~> 3.13.0)
    rspec-expectations (3.13.0)
      diff-lcs (>= 1.2.0, < 2.0)
      rspec-support (~> 3.13.0)
    rspec-its (1.3.0)
      rspec-core (>= 3.0.0)
      rspec-expectations (>= 3.0.0)
    rspec-mocks (3.13.0)
      diff-lcs (>= 1.2.0, < 2.0)
      rspec-support (~> 3.13.0)
    rspec-support (3.13.1)
    rubocop (1.62.1)
      json (~> 2.3)
      language_server-protocol (>= 3.17.0)
      parallel (~> 1.10)
      parser (>= 3.3.0.2)
      rainbow (>= 2.2.2, < 4.0)
      regexp_parser (>= 1.8, < 3.0)
      rexml (>= 3.2.5, < 4.0)
      rubocop-ast (>= 1.31.1, < 2.0)
      ruby-progressbar (~> 1.7)
      unicode-display_width (>= 2.4.0, < 3.0)
    rubocop-ast (1.31.2)
      parser (>= 3.3.0.4)
    rubocop-capybara (2.20.0)
      rubocop (~> 1.41)
    rubocop-factory_bot (2.25.1)
      rubocop (~> 1.41)
    rubocop-rake (0.6.0)
      rubocop (~> 1.0)
    rubocop-rspec (2.27.1)
      rubocop (~> 1.40)
      rubocop-capybara (~> 2.17)
      rubocop-factory_bot (~> 2.22)
    ruby-progressbar (1.13.0)
    shellany (0.0.1)
    simplecov (0.22.0)
      docile (~> 1.1)
      simplecov-html (~> 0.11)
      simplecov_json_formatter (~> 0.1)
    simplecov-html (0.12.3)
    simplecov_json_formatter (0.1.4)
    thor (1.3.0)
    unicode-display_width (2.5.0)

PLATFORMS
  x86_64-linux

DEPENDENCIES
  foobara!
  foobara-autocrud-generator!
  foobara-command-generator!
  foobara-domain-generator!
  foobara-empty-ruby-project-generator!
  foobara-empty-typescript-react-project-generator!
  foobara-files-generator!
  foobara-foob!
  foobara-organization-generator!
  foobara-rack-connector-generator!
  foobara-redis-crud-driver-generator!
  foobara-resque-connector-generator!
  foobara-resque-scheduler-connector-generator!
  foobara-rubocop-rules!
  foobara-sh-cli-connector!
  foobara-sh-cli-connector-generator!
  foobara-spec-helpers!
  foobara-type-generator!
  foobara-typescript-react-command-form-generator!
  foobara-typescript-remote-command-generator!
  foobara-util!
  guard-rspec
  pry
  pry-byebug
  rake
  rspec
  rspec-its
  rubocop-rake
  rubocop-rspec
  simplecov

RUBY VERSION
   ruby 3.2.2p53

BUNDLED WITH
   2.4.14
